GEM
  remote: https://rubygems.org/
  specs:
    sass (3.4.23)
    smarter_csv (1.1.4)
    tilt (2.0.5)

PLATFORMS
  ruby

DEPENDENCIES
  sass
  smarter_csv
  tilt

RUBY VERSION
   ruby 2.3.0p0

BUNDLED WITH
   1.13.7
