GEM
  remote: https://rubygems.org/
  specs:
    smarter_csv (1.1.4)

PLATFORMS
  ruby

DEPENDENCIES
  smarter_csv

RUBY VERSION
   ruby 2.3.0p0

BUNDLED WITH
   1.13.7
